GEM
  remote: https://rubygems.org/
  specs:
    tty-cursor (0.7.0)
    tty-spinner (0.9.2)
      tty-cursor (~> 0.7)

PLATFORMS
  x64-mingw32

DEPENDENCIES
  tty-cursor
  tty-spinner

BUNDLED WITH
   1.17.2
